GEM
  remote: https://rubygems.org/
  specs:
    diff-lcs (1.5.0)
    rspec (3.12.0)
      rspec-core (~> 3.12.0)
      rspec-expectations (~> 3.12.0)
      rspec-mocks (~> 3.12.0)
    rspec-core (3.12.0)
      rspec-support (~> 3.12.0)
    rspec-expectations (3.12.0)
      diff-lcs (>= 1.2.0, < 2.0)
      rspec-support (~> 3.12.0)
    rspec-mocks (3.12.0)
      diff-lcs (>= 1.2.0, < 2.0)
      rspec-support (~> 3.12.0)
    rspec-support (3.12.0)
    sorbet (0.5.10566)
      sorbet-static (= 0.5.10566)
    sorbet-runtime (0.5.10566)
    sorbet-static (0.5.10566-universal-darwin-20)

PLATFORMS
  x86_64-darwin-20

DEPENDENCIES
  rspec
  sorbet
  sorbet-runtime

BUNDLED WITH
   2.2.22
